GIT
  remote: git@github.com:coditsu/support-engine.git
  revision: 5351ff5fb35ad46f22661cc587ff34a45f80b3cd
  branch: master
  specs:
    support_engine (0.1.2)
      activesupport
      require_all

PATH
  remote: .
  specs:
    insights_engine (0.9.0)
      activesupport
      dry-validation
      git
      github-linguist
      i18n
      multi_json
      require_all
      rugged

GEM
  remote: https://rubygems.org/
  specs:
    activesupport (5.2.0)
      concurrent-ruby (~> 1.0, >= 1.0.2)
      i18n (>= 0.7, < 2)
      minitest (~> 5.1)
      tzinfo (~> 1.1)
    byebug (10.0.2)
    charlock_holmes (0.7.6)
    concurrent-ruby (1.0.5)
    diff-lcs (1.3)
    docile (1.3.0)
    dry-configurable (0.7.0)
      concurrent-ruby (~> 1.0)
    dry-container (0.6.0)
      concurrent-ruby (~> 1.0)
      dry-configurable (~> 0.1, >= 0.1.3)
    dry-core (0.4.6)
      concurrent-ruby (~> 1.0)
    dry-equalizer (0.2.1)
    dry-logic (0.4.2)
      dry-container (~> 0.2, >= 0.2.6)
      dry-core (~> 0.2)
      dry-equalizer (~> 0.2)
    dry-types (0.12.2)
      concurrent-ruby (~> 1.0)
      dry-configurable (~> 0.1)
      dry-container (~> 0.3)
      dry-core (~> 0.2, >= 0.2.1)
      dry-equalizer (~> 0.2)
      dry-logic (~> 0.4, >= 0.4.2)
      inflecto (~> 0.0.0, >= 0.0.2)
    dry-validation (0.11.1)
      concurrent-ruby (~> 1.0)
      dry-configurable (~> 0.1, >= 0.1.3)
      dry-core (~> 0.2, >= 0.2.1)
      dry-equalizer (~> 0.2)
      dry-logic (~> 0.4, >= 0.4.0)
      dry-types (~> 0.12.0)
    escape_utils (1.2.1)
    git (1.3.0)
    github-linguist (6.1.0)
      charlock_holmes (~> 0.7.6)
      escape_utils (~> 1.2.0)
      mime-types (>= 1.19)
      rugged (>= 0.25.1)
    i18n (1.0.1)
      concurrent-ruby (~> 1.0)
    inflecto (0.0.2)
    json (2.1.0)
    mime-types (3.1)
      mime-types-data (~> 3.2015)
    mime-types-data (3.2016.0521)
    minitest (5.11.3)
    multi_json (1.13.1)
    require_all (2.0.0)
    rspec (3.7.0)
      rspec-core (~> 3.7.0)
      rspec-expectations (~> 3.7.0)
      rspec-mocks (~> 3.7.0)
    rspec-core (3.7.1)
      rspec-support (~> 3.7.0)
    rspec-expectations (3.7.0)
      diff-lcs (>= 1.2.0, < 2.0)
      rspec-support (~> 3.7.0)
    rspec-mocks (3.7.0)
      diff-lcs (>= 1.2.0, < 2.0)
      rspec-support (~> 3.7.0)
    rspec-support (3.7.1)
    rugged (0.27.0)
    simplecov (0.16.1)
      docile (~> 1.1)
      json (>= 1.8, < 3)
      simplecov-html (~> 0.10.0)
    simplecov-html (0.10.2)
    thread_safe (0.3.6)
    timecop (0.9.1)
    tzinfo (1.2.5)
      thread_safe (~> 0.1)

PLATFORMS
  ruby

DEPENDENCIES
  bundler
  byebug
  insights_engine!
  rspec
  simplecov
  support_engine!
  timecop

BUNDLED WITH
   1.16.1
